GEM
  remote: http://rubygems.org/
  specs:
    awesome_print (1.2.0)
    childprocess (0.3.9)
      ffi (~> 1.0, >= 1.0.11)
    ffi (1.9.0)
    haml (4.0.3)
      tilt
    minitest (5.0.6)
    multi_json (1.8.2)
    require_all (1.3.1)
    rubyzip (0.9.9)
    selenium-webdriver (2.35.1)
      childprocess (>= 0.2.5)
      multi_json (~> 1.0)
      rubyzip (< 1.0.0)
      websocket (~> 1.0.4)
    thor (0.18.1)
    tilt (1.4.1)
    watir-webdriver (0.6.4)
      selenium-webdriver (>= 2.18.0)
    websocket (1.0.7)
    xml-simple (1.1.2)

PLATFORMS
  ruby

DEPENDENCIES
  awesome_print
  haml
  minitest
  require_all
  thor
  watir-webdriver
  xml-simple
