GEM
  remote: http://rubygems.org/
  specs:
    ZenTest (4.11.0)
    autotest (4.4.6)
      ZenTest (>= 4.4.1)
    awesome_print (1.6.1)
    childprocess (0.5.6)
      ffi (~> 1.0, >= 1.0.11)
    coderay (1.1.0)
    ffi (1.9.10)
    haml (4.0.7)
      tilt
    method_source (0.8.2)
    minitest (5.8.1)
    multi_json (1.11.2)
    pry (0.10.2)
      coderay (~> 1.1.0)
      method_source (~> 0.8.1)
      slop (~> 3.4)
    psych (2.0.15)
    require_all (1.3.2)
    rubyzip (1.1.7)
    selenium-webdriver (2.47.1)
      childprocess (~> 0.5)
      multi_json (~> 1.0)
      rubyzip (~> 1.0)
      websocket (~> 1.0)
    slop (3.6.0)
    thor (0.19.1)
    tilt (2.0.1)
    watir-webdriver (0.8.0)
      selenium-webdriver (>= 2.46.2)
    websocket (1.2.2)
    xml-simple (1.1.5)

PLATFORMS
  ruby

DEPENDENCIES
  autotest
  awesome_print
  haml
  minitest
  pry
  psych
  require_all
  thor
  watir-webdriver
  xml-simple

BUNDLED WITH
   1.10.5
